GEM
  remote: https://rubygems.org/
  specs:
    activemodel (3.2.1)
      activesupport (= 3.2.1)
      builder (~> 3.0.0)
    activesupport (3.2.1)
      i18n (~> 0.6)
      multi_json (~> 1.0)
    bson (1.5.2)
    bson_ext (1.5.2)
      bson (= 1.5.2)
    builder (3.0.0)
    git (1.2.5)
    i18n (0.6.0)
    jeweler (1.8.3)
      bundler (~> 1.0)
      git (>= 1.2.5)
      rake
      rdoc
    json (1.6.5)
    macaddr (1.5.0)
      systemu (>= 2.4.0)
    mongo (1.5.2)
      bson (= 1.5.2)
    mongoid (2.4.4)
      activemodel (~> 3.1)
      mongo (~> 1.3)
      tzinfo (~> 0.3.22)
    mongoid_bitfield (0.0.1)
      activesupport
      bson_ext
      mongoid
    mongoid_touch (0.1.0)
      mongoid (~> 2.1)
    mongoid_upk (0.1.0)
      activesupport
      bson_ext
      mongoid
      uuid
    multi_json (1.1.0)
    rake (0.9.2.2)
    rdoc (3.12)
      json (~> 1.4)
    systemu (2.4.2)
    tzinfo (0.3.31)
    uuid (2.3.5)
      macaddr (~> 1.0)

PLATFORMS
  ruby

DEPENDENCIES
  jeweler
  mongoid_bitfield
  mongoid_touch
  mongoid_upk
  rake
